GEM
  remote: https://rubygems.org/
  specs:
    dotenv (3.1.0)
    json (2.7.2)
    nokogiri (1.16.4-x86_64-linux)
      racc (~> 1.4)
    racc (1.7.3)

PLATFORMS
  x86_64-linux

DEPENDENCIES
  dotenv (~> 3.1)
  json (~> 2.7, >= 2.7.2)
  nokogiri (~> 1.16, >= 1.16.4)

BUNDLED WITH
   2.3.7
